PATH
  remote: .
  specs:
    ofx-parser (1.2.0)
      hpricot (>= 0.6)

GEM
  remote: https://rubygems.org/
  specs:
    hpricot (0.8.6)
    rake (10.1.0)

PLATFORMS
  ruby

DEPENDENCIES
  bundler (~> 1.3)
  ofx-parser!
  rake
